PATH
  remote: .
  specs:
    zzdeploy (0.0.5)
      highline (>= 1.6.2)
      json (= 1.5.1)
      net-ssh-multi (>= 1.0.1)
      right_aws (>= 1.3.0)
      subcommand (>= 1.0.0)

PATH
  remote: ../zzsharedlib
  specs:
    zzsharedlib (0.0.4)
      json (>= 1.4.4, <= 1.5.2)
      right_aws (>= 1.3.0)

GEM
  remote: http://rubygems.org/
  specs:
    diff-lcs (1.1.2)
    highline (1.6.2)
    json (1.5.1)
    net-ssh (2.1.4)
    net-ssh-gateway (1.1.0)
      net-ssh (>= 1.99.1)
    net-ssh-multi (1.1)
      net-ssh (>= 2.1.4)
      net-ssh-gateway (>= 0.99.0)
    rake (0.9.2)
    right_aws (2.1.0)
      right_http_connection (>= 1.2.5)
    right_http_connection (1.3.0)
    rspec (2.6.0)
      rspec-core (~> 2.6.0)
      rspec-expectations (~> 2.6.0)
      rspec-mocks (~> 2.6.0)
    rspec-core (2.6.4)
    rspec-expectations (2.6.0)
      diff-lcs (~> 1.1.2)
    rspec-mocks (2.6.0)
    subcommand (1.0.5)

PLATFORMS
  ruby

DEPENDENCIES
  rake (~> 0.9.2)
  rspec (~> 2.4)
  zzdeploy!
  zzsharedlib!
